GEM
  remote: https://rubygems.org/
  specs:
    apcera-stager-api (0.2.5)
      json
      rest-client
    json (1.8.1)
    mime-types (2.4.2)
    netrc (0.8.0)
    rest-client (1.7.2)
      mime-types (>= 1.16, < 3.0)
      netrc (~> 0.7)

PLATFORMS
  ruby

DEPENDENCIES
  apcera-stager-api
